GEM
  remote: https://rubygems.org/
  specs:
    ast (2.4.2)
    coderay (1.1.3)
    colorize (0.8.1)
    concurrent-ruby (1.1.9)
    diff-lcs (1.5.0)
    docile (1.4.0)
    fasterer (0.8.3)
      colorize (~> 0.7)
      ruby_parser (>= 3.14.1)
    i18n (1.8.11)
      concurrent-ruby (~> 1.0)
    imagen (0.1.8)
      parser (>= 2.5, != 2.5.1.1)
    method_source (1.0.0)
    parallel (1.21.0)
    parser (3.0.3.2)
      ast (~> 2.4.1)
    pry (0.13.1)
      coderay (~> 1.1)
      method_source (~> 1.0)
    rainbow (3.0.0)
    regexp_parser (2.2.0)
    rexml (3.2.5)
    rspec (3.10.0)
      rspec-core (~> 3.10.0)
      rspec-expectations (~> 3.10.0)
      rspec-mocks (~> 3.10.0)
    rspec-core (3.10.1)
      rspec-support (~> 3.10.0)
    rspec-expectations (3.10.1)
      diff-lcs (>= 1.2.0, < 2.0)
      rspec-support (~> 3.10.0)
    rspec-mocks (3.10.2)
      diff-lcs (>= 1.2.0, < 2.0)
      rspec-support (~> 3.10.0)
    rspec-support (3.10.3)
    rubocop (1.24.0)
      parallel (~> 1.10)
      parser (>= 3.0.0.0)
      rainbow (>= 2.2.2, < 4.0)
      regexp_parser (>= 1.8, < 3.0)
      rexml
      rubocop-ast (>= 1.15.0, < 2.0)
      ruby-progressbar (~> 1.7)
      unicode-display_width (>= 1.4.0, < 3.0)
    rubocop-ast (1.15.1)
      parser (>= 3.0.1.1)
    rubocop-rspec (2.4.0)
      rubocop (~> 1.0)
      rubocop-ast (>= 1.1.0)
    ruby-progressbar (1.11.0)
    ruby_parser (3.18.1)
      sexp_processor (~> 4.16)
    rugged (1.2.0)
    sexp_processor (4.16.0)
    simplecov (0.21.2)
      docile (~> 1.1)
      simplecov-html (~> 0.11)
      simplecov_json_formatter (~> 0.1)
    simplecov-html (0.12.3)
    simplecov-lcov (0.8.0)
    simplecov_json_formatter (0.1.3)
    undercover (0.4.4)
      imagen (>= 0.1.8)
      rainbow (>= 2.1, < 4.0)
      rugged (>= 0.27, < 1.3)
    unicode-display_width (2.1.0)

PLATFORMS
  ruby
  x64-mingw32

DEPENDENCIES
  fasterer (~> 0.8.3)
  i18n (~> 1.8.10)
  pry (~> 0.13.1)
  rspec (~> 3.8)
  rubocop (~> 1.7)
  rubocop-rspec (~> 2.4.0)
  simplecov (~> 0.21.2)
  simplecov-lcov (~> 0.8.0)
  undercover (~> 0.4.1)

BUNDLED WITH
   1.17.1
